PATH
  remote: ../../..
  specs:
    apiculture (0.1.0)
      protobuf (~> 3.0.0)
      protobuf_descriptor (~> 1.0.0)
      pry (~> 0.9.12.6)
      thor (~> 0.19.1)

GEM
  remote: http://rubygems.org/
  specs:
    activesupport (4.1.1)
      i18n (~> 0.6, >= 0.6.9)
      json (~> 1.7, >= 1.7.7)
      minitest (~> 5.1)
      thread_safe (~> 0.1)
      tzinfo (~> 1.1)
    coderay (1.1.0)
    i18n (0.6.9)
    json (1.8.1)
    method_source (0.8.2)
    middleware (0.1.0)
    minitest (5.3.3)
    multi_json (1.10.0)
    protobuf (3.0.4)
      activesupport (>= 3.2)
      middleware
      multi_json
      thor
    protobuf_descriptor (1.0.0)
      activesupport (>= 3.0.0)
      protobuf (~> 3.0.0)
    pry (0.9.12.6)
      coderay (~> 1.0)
      method_source (~> 0.8)
      slop (~> 3.4)
    slop (3.5.0)
    thor (0.19.1)
    thread_safe (0.3.3)
    tzinfo (1.1.0)
      thread_safe (~> 0.1)

PLATFORMS
  ruby

DEPENDENCIES
  apiculture!
